GEM
  remote: https://rubygems.org/
  specs:
    hpricot (0.8.4)
    mime-types (2.99.3)
    rack (2.0.1)
    redcarpet (3.3.4)
    roger (1.6.4)
      hpricot (= 0.8.4)
      mime-types (~> 2.2)
      rack (>= 1.0.0)
      redcarpet (>= 3.1.1)
      test_construct (~> 2.0)
      thor (~> 0.19.0)
      tilt (~> 2.0.1)
    test_construct (2.0.1)
    thor (0.19.1)
    tilt (2.0.5)

PLATFORMS
  ruby

DEPENDENCIES
  roger

BUNDLED WITH
   1.12.5
